PATH
  remote: .
  specs:
    assert-view (0.2.0)
      undies (~> 1.1)

GEM
  remote: http://rubygems.org/
  specs:
    ansi (1.3.0)
    assert (0.4.0)
      ansi (~> 1.3)
      assert-view
    rake (0.9.2)
    undies (1.1.0)

PLATFORMS
  ruby

DEPENDENCIES
  assert
  assert-view!
  bundler
  rake (~> 0.9.2)
