PATH
  remote: .
  specs:
    assert-view (0.5.0)
      ansi (~> 1.3)

GEM
  remote: http://rubygems.org/
  specs:
    ansi (1.4.2)
    assert (0.7.3)
      assert-view (~> 0.5)
    rake (0.9.2)

PLATFORMS
  ruby

DEPENDENCIES
  assert
  assert-view!
  bundler
  rake (~> 0.9.2)
