PATH
  remote: .
  specs:
    assert-view (0.1.0)

GEM
  remote: http://rubygems.org/
  specs:
    ansi (1.3.0)
    assert (0.3.0)
      ansi (~> 1.3)
    rake (0.9.2)

PLATFORMS
  ruby

DEPENDENCIES
  assert
  assert-view!
  bundler
  rake (~> 0.9.2)
